GEM
  remote: https://rubygems.org/
  specs:
    base64 (0.2.0)
    diff-lcs (1.6.1)
    dotenv (3.1.8)
    json (2.10.2)
    logger (1.7.0)
    multi_json (1.15.0)
    mustermann (3.0.3)
      ruby2_keywords (~> 0.0.1)
    nio4r (2.7.4)
    nokogiri (1.18.7-arm64-darwin)
      racc (~> 1.4)
    nokogiri (1.18.7-x64-mingw-ucrt)
      racc (~> 1.4)
    puma (6.6.0)
      nio4r (~> 2.0)
    racc (1.8.1)
    rack (3.1.13)
    rack-protection (4.1.1)
      base64 (>= 0.1.0)
      logger (>= 1.6.0)
      rack (>= 3.0.0, < 4)
    rack-session (2.1.0)
      base64 (>= 0.1.0)
      rack (>= 3.0.0)
    rack-test (2.2.0)
      rack (>= 1.3)
    rackup (2.2.1)
      rack (>= 3)
    regexp_parser (2.10.0)
    rexml (3.4.1)
    rspec (3.13.0)
      rspec-core (~> 3.13.0)
      rspec-expectations (~> 3.13.0)
      rspec-mocks (~> 3.13.0)
    rspec-core (3.13.3)
      rspec-support (~> 3.13.0)
    rspec-expectations (3.13.3)
      diff-lcs (>= 1.2.0, < 2.0)
      rspec-support (~> 3.13.0)
    rspec-mocks (3.13.2)
      diff-lcs (>= 1.2.0, < 2.0)
      rspec-support (~> 3.13.0)
    rspec-support (3.13.2)
    ruby2_keywords (0.0.5)
    rubyzip (2.4.1)
    selenium-webdriver (4.10.0)
      rexml (~> 3.2, >= 3.2.5)
      rubyzip (>= 1.2.2, < 3.0)
      websocket (~> 1.0)
    sinatra (4.1.1)
      logger (>= 1.6.0)
      mustermann (~> 3.0)
      rack (>= 3.0.0, < 4)
      rack-protection (= 4.1.1)
      rack-session (>= 2.0.0, < 3)
      tilt (~> 2.0)
    sinatra-contrib (4.1.1)
      multi_json (>= 0.0.2)
      mustermann (~> 3.0)
      rack-protection (= 4.1.1)
      sinatra (= 4.1.1)
      tilt (~> 2.0)
    tilt (2.6.0)
    watir (7.3.0)
      regexp_parser (>= 1.2, < 3)
      selenium-webdriver (~> 4.2)
    webdrivers (5.3.1)
      nokogiri (~> 1.6)
      rubyzip (>= 1.3.0)
      selenium-webdriver (~> 4.0, < 4.11)
    websocket (1.2.11)

PLATFORMS
  arm64-darwin-24
  x64-mingw-ucrt

DEPENDENCIES
  dotenv
  json
  puma (~> 6.6)
  rack-test
  rackup (~> 2.2)
  rspec
  sinatra
  sinatra-contrib
  watir
  webdrivers

BUNDLED WITH
   2.6.8
